GEM
  specs:
    tilt (1.3.3)

PLATFORMS
  ruby

DEPENDENCIES
  tilt
